GIT
  remote: git://github.com/lotus/controller.git
  revision: 975feb8788de34e1bc54011d0ac826b6152b1b11
  specs:
    lotus-controller (0.3.0.dev)
      lotus-utils (~> 0.3, >= 0.3.1.dev)
      lotus-validations (~> 0.1, >= 0.2.0.dev)
      rack (~> 1.5)

GIT
  remote: git://github.com/lotus/lotus.git
  revision: 06d10e056bafc751b6f33edc07110fcc2a4eded8
  specs:
    lotusrb (0.2.0.dev)
      dotenv (~> 1.0)
      lotus-controller (>= 0.3.0.dev)
      lotus-model (>= 0.2.0.dev)
      lotus-router (>= 0.2.0.dev)
      lotus-utils (~> 0.3, >= 0.3.0.dev)
      lotus-view (>= 0.3.0.dev)
      shotgun (~> 0.9)
      thor (= 0.19.1)

GIT
  remote: git://github.com/lotus/model.git
  revision: fa6f0aa4b0b9e09c2b036afcf1246e98ff5f62d4
  specs:
    lotus-model (0.2.0.dev)
      lotus-utils (~> 0.3, >= 0.3.2.dev)
      sequel (~> 4.9)

GIT
  remote: git://github.com/lotus/router.git
  revision: c9854ab46c94c89e604845bd1e711223d82c5e4f
  specs:
    lotus-router (0.2.0.dev)
      http_router (~> 0.11)
      lotus-utils (~> 0.3, >= 0.3.1.dev)

GIT
  remote: git://github.com/lotus/utils.git
  revision: 54d050197dee4b397ace26693a482de2ab8d31fe
  specs:
    lotus-utils (0.3.2.dev)

GIT
  remote: git://github.com/lotus/view.git
  revision: ce56fdbd9f0814354c4701313b807718288cc953
  specs:
    lotus-view (0.3.0.dev)
      lotus-utils (~> 0.3, >= 0.3.0.dev)
      tilt (~> 2.0, >= 2.0.1)

GEM
  remote: https://rubygems.org/
  specs:
    dotenv (1.0.2)
    http_router (0.11.1)
      rack (>= 1.0.0)
      url_mount (~> 0.2.1)
    lotus-validations (0.2.0)
      lotus-utils (~> 0.3, >= 0.3.1)
    rack (1.5.2)
    sequel (4.17.0)
    shotgun (0.9)
      rack (>= 1.0)
    sqlite3 (1.3.10)
    thor (0.19.1)
    tilt (2.0.1)
    url_mount (0.2.1)
      rack

PLATFORMS
  ruby

DEPENDENCIES
  lotus-controller!
  lotus-model!
  lotus-router!
  lotus-utils!
  lotus-view!
  lotusrb!
  sqlite3
